GEM
  remote: https://rubygems.org/
  specs:
    XcodePages (0.1.1)
      activesupport
    activesupport (3.2.13)
      i18n (= 0.6.1)
      multi_json (~> 1.0)
    i18n (0.6.1)
    multi_json (1.7.2)
    nokogiri (1.5.9)
    rake (12.3.3)

PLATFORMS
  ruby

DEPENDENCIES
  XcodePages
  nokogiri
  rake
