GEM
  remote: https://rubygems.org/
  specs:
    XcodePages (0.1.1)
      activesupport
    activesupport (3.2.13)
      i18n (= 0.6.1)
      multi_json (~> 1.0)
    i18n (0.6.1)
    mini_portile2 (2.4.0)
    multi_json (1.7.2)
    nokogiri (1.10.8)
      mini_portile2 (~> 2.4.0)
    rake (10.0.4)

PLATFORMS
  ruby

DEPENDENCIES
  XcodePages
  nokogiri
  rake
